GEM
  remote: https://rubygems.org/
  specs:
    aws-sdk (2.0.48)
      aws-sdk-resources (= 2.0.48)
    aws-sdk-core (2.0.48)
      builder (~> 3.0)
      jmespath (~> 1.0)
      multi_json (~> 1.0)
    aws-sdk-resources (2.0.48)
      aws-sdk-core (= 2.0.48)
    builder (3.2.4)
    coderay (1.1.3)
    jmespath (1.4.0)
    method_source (1.0.0)
    multi_json (1.15.0)
    pry (0.14.0)
      coderay (~> 1.1)
      method_source (~> 1.0)

PLATFORMS
  ruby

DEPENDENCIES
  aws-sdk (~> 2.0.22)
  pry

BUNDLED WITH
   2.1.4
